GEM
  remote: https://rubygems.org/
  specs:
    activejob (5.1.5)
      activesupport (= 5.1.5)
      globalid (>= 0.3.6)
    activesupport (5.1.5)
      concurrent-ruby (~> 1.0, >= 1.0.2)
      i18n (~> 0.7)
      minitest (~> 5.1)
      tzinfo (~> 1.1)
    concurrent-ruby (1.0.5)
    connection_pool (2.2.1)
    faktory_worker_ruby (0.7.0)
      connection_pool (~> 2.2, >= 2.2.1)
    globalid (0.4.1)
      activesupport (>= 4.2.0)
    i18n (0.9.5)
      concurrent-ruby (~> 1.0)
    minitest (5.11.3)
    thread_safe (0.3.6)
    tzinfo (1.2.5)
      thread_safe (~> 0.1)

PLATFORMS
  ruby

DEPENDENCIES
  activejob
  faktory_worker_ruby

RUBY VERSION
   ruby 2.5.0p0

BUNDLED WITH
   1.16.1
